GEM
  remote: https://rubygems.org/
  specs:
    diff-lcs (1.1.3)
    excon (0.25.3)
    faraday (0.8.8)
      multipart-post (~> 1.2.0)
    htmlentities (4.3.1)
    multi_json (1.8.0)
    multipart-post (1.2.0)
    oauth (0.4.6)
    rake (10.1.0)
    rspec (2.11.0)
      rspec-core (~> 2.11.0)
      rspec-expectations (~> 2.11.0)
      rspec-mocks (~> 2.11.0)
    rspec-core (2.11.0)
    rspec-expectations (2.11.1)
      diff-lcs (~> 1.1.3)
    rspec-mocks (2.11.1)
    simple_oauth (0.2.0)
    slides (0.1.5)
    twitter (4.8.1)
      faraday (~> 0.8, < 0.10)
      multi_json (~> 1.0)
      simple_oauth (~> 0.2)

PLATFORMS
  ruby

DEPENDENCIES
  excon
  htmlentities
  multi_json
  oauth
  rake
  rspec
  slides
  twitter
