GEM
  remote: http://rubygems.org/
  specs:
    addressable (2.2.8)
    diff-lcs (1.1.3)
    excon (0.15.3)
    faraday (0.7.6)
      addressable (~> 2.2)
      multipart-post (~> 1.1)
      rack (~> 1.1)
    faraday_middleware (0.7.0)
      faraday (~> 0.7.3)
    hashie (1.1.0)
    htmlentities (4.3.1)
    multi_json (1.0.4)
    multi_xml (0.4.4)
    multipart-post (1.1.5)
    oauth (0.4.6)
    rack (1.4.1)
    rake (0.9.2.2)
    rspec (2.11.0)
      rspec-core (~> 2.11.0)
      rspec-expectations (~> 2.11.0)
      rspec-mocks (~> 2.11.0)
    rspec-core (2.11.0)
    rspec-expectations (2.11.1)
      diff-lcs (~> 1.1.3)
    rspec-mocks (2.11.1)
    simple_oauth (0.1.8)
    slides (0.1.5)
    twitter (1.7.2)
      faraday (~> 0.7.4)
      faraday_middleware (~> 0.7.0)
      hashie (~> 1.1.0)
      multi_json (~> 1.0.0)
      multi_xml (~> 0.4.0)
      simple_oauth (~> 0.1.5)

PLATFORMS
  ruby

DEPENDENCIES
  excon (~> 0.15.3)
  htmlentities (~> 4.3.0)
  multi_json (~> 1.0.3)
  oauth (~> 0.4.5)
  rake (~> 0.9.2)
  rspec (~> 2.6)
  slides
  twitter (~> 1.7.1)
